GEM
  remote: https://rubygems.org/
  specs:
    bini (0.6.0)
      sys-proctable
    pushover (0.99.0)
      bini
      yajl-ruby
    rack (1.4.4)
    rack-protection (1.3.2)
      rack
    sinatra (1.3.3)
      rack (~> 1.3, >= 1.3.6)
      rack-protection (~> 1.2)
      tilt (~> 1.3, >= 1.3.3)
    sys-proctable (0.9.2)
    tilt (1.3.3)
    yajl-ruby (1.1.0)

PLATFORMS
  ruby

DEPENDENCIES
  pushover
  sinatra
